GIT
  remote: https://github.com/sverigemeny/fancybox-rails
  revision: 17db886581f38fbcd4b0ac0349fc9493554ee261
  specs:
    fancybox-rails (0.1.4)
      railties (>= 3.1.0)

PATH
  remote: vendor/extensions
  specs:
    refinerycms-galleries (1.0)
      picasa (~> 0.3.0)
      refinerycms-core (~> 2.0.2)
    refinerycms-guestbooks (1.0)
      refinerycms-core (~> 2.0.2)
    refinerycms-reservations (1.0)
      refinerycms-core (~> 2.0.2)

GEM
  remote: https://rubygems.org/
  specs:
    actionmailer (3.2.2)
      actionpack (= 3.2.2)
      mail (~> 2.4.0)
    actionpack (3.2.2)
      activemodel (= 3.2.2)
      activesupport (= 3.2.2)
      builder (~> 3.0.0)
      erubis (~> 2.7.0)
      journey (~> 1.0.1)
      rack (~> 1.4.0)
      rack-cache (~> 1.1)
      rack-test (~> 0.6.1)
      sprockets (~> 2.1.2)
    activemodel (3.2.2)
      activesupport (= 3.2.2)
      builder (~> 3.0.0)
    activerecord (3.2.2)
      activemodel (= 3.2.2)
      activesupport (= 3.2.2)
      arel (~> 3.0.2)
      tzinfo (~> 0.3.29)
    activeresource (3.2.2)
      activemodel (= 3.2.2)
      activesupport (= 3.2.2)
    activesupport (3.2.2)
      i18n (~> 0.6)
      multi_json (~> 1.0)
    acts_as_indexed (0.7.8)
    arel (3.0.2)
    awesome_nested_set (2.1.2)
      activerecord (>= 3.0.0)
    babosa (0.3.7)
    bcrypt-ruby (3.0.1)
    bourbon (1.4.0)
      sass (>= 3.1)
    builder (3.0.0)
    capistrano (2.12.0)
      highline
      net-scp (>= 1.0.0)
      net-sftp (>= 2.0.0)
      net-ssh (>= 2.0.14)
      net-ssh-gateway (>= 1.1.0)
    coderay (1.0.7)
    coffee-rails (3.2.2)
      coffee-script (>= 2.2.0)
      railties (~> 3.2.0)
    coffee-script (2.2.0)
      coffee-script-source
      execjs
    coffee-script-source (1.2.0)
    devise (2.0.4)
      bcrypt-ruby (~> 3.0)
      orm_adapter (~> 0.0.3)
      railties (~> 3.1)
      warden (~> 1.1.1)
    dragonfly (0.9.11)
      rack
    erubis (2.7.0)
    execjs (1.3.0)
      multi_json (~> 1.0)
    filters_spam (0.3)
    friendly_id (4.0.3)
    globalize3 (0.2.0)
      activemodel (>= 3.0.0)
      activerecord (>= 3.0.0)
      paper_trail (~> 2)
    highline (1.6.13)
    hike (1.2.1)
    i18n (0.6.0)
    journey (1.0.3)
    jquery-rails (2.0.1)
      railties (>= 3.2.0, < 5.0)
      thor (~> 0.14)
    json (1.6.5)
    kgio (2.7.4)
    mail (2.4.4)
      i18n (>= 0.4.0)
      mime-types (~> 1.16)
      treetop (~> 1.4.8)
    method_source (0.7.1)
    mime-types (1.17.2)
    multi_json (1.1.0)
    net-scp (1.0.4)
      net-ssh (>= 1.99.1)
    net-sftp (2.0.5)
      net-ssh (>= 2.0.9)
    net-ssh (2.5.2)
    net-ssh-gateway (1.1.0)
      net-ssh (>= 1.99.1)
    orm_adapter (0.0.6)
    paper_trail (2.6.2)
      rails (~> 3)
    pg (0.14.0)
    picasa (0.3.1)
      xml-simple
    polyglot (0.3.3)
    pry (0.9.9.6)
      coderay (~> 1.0.5)
      method_source (~> 0.7.1)
      slop (>= 2.4.4, < 3)
    rack (1.4.1)
    rack-cache (1.2)
      rack (>= 0.4)
    rack-ssl (1.3.2)
      rack
    rack-test (0.6.1)
      rack (>= 1.0)
    rails (3.2.2)
      actionmailer (= 3.2.2)
      actionpack (= 3.2.2)
      activerecord (= 3.2.2)
      activeresource (= 3.2.2)
      activesupport (= 3.2.2)
      bundler (~> 1.0)
      railties (= 3.2.2)
    railties (3.2.2)
      actionpack (= 3.2.2)
      activesupport (= 3.2.2)
      rack-ssl (~> 1.3.2)
      rake (>= 0.8.7)
      rdoc (~> 3.4)
      thor (~> 0.14.6)
    raindrops (0.10.0)
    rake (0.9.2.2)
    rdoc (3.12)
      json (~> 1.4)
    refinerycms (2.0.2)
      bundler (~> 1.0)
      refinerycms-authentication (= 2.0.2)
      refinerycms-core (= 2.0.2)
      refinerycms-dashboard (= 2.0.2)
      refinerycms-images (= 2.0.2)
      refinerycms-pages (= 2.0.2)
      refinerycms-resources (= 2.0.2)
    refinerycms-authentication (2.0.2)
      devise (~> 2.0.0)
      refinerycms-core (= 2.0.2)
    refinerycms-core (2.0.2)
      acts_as_indexed (~> 0.7.7)
      awesome_nested_set (~> 2.1.0)
      coffee-rails (~> 3.2.1)
      friendly_id (~> 4.0.1)
      globalize3 (~> 0.2.0)
      jquery-rails (~> 2.0.0)
      rails (>= 3.1.3, < 3.3)
      sass-rails (~> 3.2.3)
      truncate_html (~> 0.5)
      uglifier (>= 1.0.3)
      will_paginate (~> 3.0.2)
    refinerycms-dashboard (2.0.2)
      refinerycms-core (= 2.0.2)
    refinerycms-i18n (2.0.0)
      refinerycms-core (~> 2.0.0)
      routing-filter (>= 0.2.3)
    refinerycms-images (2.0.2)
      dragonfly (~> 0.9.8)
      rack-cache (>= 0.5.3)
      refinerycms-core (= 2.0.2)
    refinerycms-inquiries (2.0.3)
      filters_spam (~> 0.2)
      refinerycms-core (~> 2.0.1)
      refinerycms-settings (~> 2.0.1)
    refinerycms-page-images (2.0.0)
      refinerycms-pages (~> 2.0.0)
    refinerycms-pages (2.0.2)
      awesome_nested_set (~> 2.1.0)
      babosa (!= 0.3.6)
      refinerycms-core (= 2.0.2)
      seo_meta (~> 1.2.0)
    refinerycms-resources (2.0.2)
      dragonfly (~> 0.9.8)
      rack-cache (>= 0.5.3)
      refinerycms-core (= 2.0.2)
    refinerycms-settings (2.0.1)
      refinerycms-core (~> 2.0.1)
    refinerycms-videojs (0.5.5)
      dragonfly
      rack-cache
      refinerycms-core
    routing-filter (0.3.0)
      actionpack
    sass (3.1.15)
    sass-rails (3.2.4)
      railties (~> 3.2.0)
      sass (>= 3.1.10)
      tilt (~> 1.3)
    seo_meta (1.2.0)
      railties (>= 3.0.0)
    slop (2.4.4)
    sprockets (2.1.2)
      hike (~> 1.2)
      rack (~> 1.0)
      tilt (~> 1.1, != 1.3.0)
    sqlite3 (1.3.5)
    thor (0.14.6)
    tilt (1.3.3)
    treetop (1.4.10)
      polyglot
      polyglot (>= 0.3.1)
    truncate_html (0.5.4)
    tzinfo (0.3.32)
    uglifier (1.2.3)
      execjs (>= 0.3.0)
      multi_json (>= 1.0.2)
    unicorn (4.3.1)
      kgio (~> 2.6)
      rack
      raindrops (~> 0.7)
    warden (1.1.1)
      rack (>= 1.0)
    will_paginate (3.0.3)
    xml-simple (1.1.1)

PLATFORMS
  ruby

DEPENDENCIES
  bourbon
  capistrano
  coffee-rails (~> 3.2.1)
  fancybox-rails!
  jquery-rails
  pg
  pry
  rails (= 3.2.2)
  refinerycms (~> 2.0.0)
  refinerycms-galleries!
  refinerycms-guestbooks!
  refinerycms-i18n (~> 2.0.0)
  refinerycms-inquiries (~> 2.0.0)
  refinerycms-page-images (~> 2.0.0)
  refinerycms-reservations!
  refinerycms-videojs
  sass-rails (~> 3.2.3)
  sqlite3
  uglifier (>= 1.0.3)
  unicorn
